GEM
  remote: http://rubygems.org/
  specs:
    activesupport (3.2.3)
      i18n (~> 0.6)
      multi_json (~> 1.0)
    bootstrap-sass (2.0.1)
    chunky_png (1.2.5)
    coffee-script (2.2.0)
      coffee-script-source
      execjs
    coffee-script-source (1.3.1)
    compass (0.12.1)
      chunky_png (~> 1.2)
      fssm (>= 0.2.7)
      sass (~> 3.1)
    compass-susy-plugin (0.9)
      compass (>= 0.11.1)
    daemons (1.1.8)
    eventmachine (0.12.10)
    execjs (1.3.1)
      multi_json (~> 1.0)
    ffi (1.0.11)
    fssm (0.2.9)
    haml (3.1.4)
    hike (1.2.1)
    httpclient (2.2.4)
    i18n (0.6.0)
    json (1.6.5)
    listen (0.4.1)
      rb-fchange (~> 0.0.5)
      rb-fsevent (~> 0.9.1)
      rb-inotify (~> 0.8.8)
    middleman (3.0.0.beta.2)
      middleman-core (= 3.0.0.beta.2)
      middleman-more (= 3.0.0.beta.2)
    middleman-core (3.0.0.beta.2)
      activesupport (~> 3.2.0)
      bundler (~> 1.0)
      i18n (~> 0.6.0)
      listen (~> 0.4.1)
      rack (~> 1.4.0)
      rack-test (~> 0.6.1)
      thin (~> 1.3.1)
      thor (~> 0.14.0)
      tilt (~> 1.3.1)
    middleman-more (3.0.0.beta.2)
      coffee-script (~> 2.2.0)
      compass (~> 0.12.1)
      execjs (~> 1.2)
      haml (~> 3.1.0)
      middleman-core (= 3.0.0.beta.2)
      redcarpet (~> 2.1.0)
      sass (>= 3.1.7)
      sprockets (~> 2.1)
      sprockets-sass (~> 0.8.0)
      uglifier (~> 1.2.0)
    middleman-smusher (0.0.1)
      smusher (~> 0.4.6)
    multi_json (1.3.4)
    rack (1.4.1)
    rack-test (0.6.1)
      rack (>= 1.0)
    rake (0.9.2.2)
    rb-fchange (0.0.5)
      ffi
    rb-fsevent (0.9.1)
    rb-inotify (0.8.8)
      ffi (>= 0.5.0)
    redcarpet (2.1.1)
    sass (3.1.16)
    smusher (0.4.9)
      httpclient (>= 2.2)
      json
      rake
    sprockets (2.4.1)
      hike (~> 1.2)
      multi_json (~> 1.0)
      rack (~> 1.0)
      tilt (~> 1.1, != 1.3.0)
    sprockets-sass (0.8.0)
      sprockets (~> 2.0)
      tilt (~> 1.1)
    thin (1.3.1)
      daemons (>= 1.0.9)
      eventmachine (>= 0.12.6)
      rack (>= 1.0.0)
    thor (0.14.6)
    tilt (1.3.3)
    uglifier (1.2.4)
      execjs (>= 0.3.0)
      multi_json (>= 1.0.2)

PLATFORMS
  ruby

DEPENDENCIES
  bootstrap-sass
  compass-susy-plugin
  middleman (~> 3.0.0.beta.2)
  middleman-smusher
